GEM
  remote: http://rubygems.org/
  specs:
    actionmailer (3.1.1.rc2)
      actionpack (= 3.1.1.rc2)
      mail (~> 2.3.0)
    actionpack (3.1.1.rc2)
      activemodel (= 3.1.1.rc2)
      activesupport (= 3.1.1.rc2)
      builder (~> 3.0.0)
      erubis (~> 2.7.0)
      i18n (~> 0.6)
      rack (~> 1.3.2)
      rack-cache (~> 1.0.3)
      rack-mount (~> 0.8.2)
      rack-test (~> 0.6.1)
      sprockets (~> 2.0.0)
    activemodel (3.1.1.rc2)
      activesupport (= 3.1.1.rc2)
      builder (~> 3.0.0)
      i18n (~> 0.6)
    activerecord (3.1.1.rc2)
      activemodel (= 3.1.1.rc2)
      activesupport (= 3.1.1.rc2)
      arel (~> 2.2.1)
      tzinfo (~> 0.3.29)
    activeresource (3.1.1.rc2)
      activemodel (= 3.1.1.rc2)
      activesupport (= 3.1.1.rc2)
    activesupport (3.1.1.rc2)
      multi_json (~> 1.0)
    amazon_product (3.0.1)
      nokogiri (~> 1.4)
    ansi (1.3.0)
    arel (2.2.1)
    builder (3.0.0)
    capistrano (2.9.0)
      highline
      net-scp (>= 1.0.0)
      net-sftp (>= 2.0.0)
      net-ssh (>= 2.0.14)
      net-ssh-gateway (>= 1.1.0)
    coffee-rails (3.1.1)
      coffee-script (>= 2.2.0)
      railties (~> 3.1.0)
    coffee-script (2.2.0)
      coffee-script-source
      execjs
    coffee-script-source (1.1.2)
    crack (0.3.1)
    erubis (2.7.0)
    execjs (1.2.9)
      multi_json (~> 1.0)
    haml (3.1.3)
    haml-rails (0.3.4)
      actionpack (~> 3.0)
      activesupport (~> 3.0)
      haml (~> 3.0)
      railties (~> 3.0)
    highline (1.6.2)
    hike (1.2.1)
    hoe (1.5.3)
      rake (>= 0.8.1)
      rubyforge (>= 1.0.0)
    httparty (0.4.3)
      crack (>= 0.1.1)
    i18n (0.6.0)
    jquery-rails (1.0.16)
      railties (~> 3.0)
      thor (~> 0.14)
    json (1.6.1)
    json_pure (1.6.1)
    libv8 (3.3.10.2)
    mail (2.3.0)
      i18n (>= 0.4.0)
      mime-types (~> 1.16)
      treetop (~> 1.4.8)
    mash (0.0.3)
      hoe (>= 1.5.1)
    memcache-client (1.8.5)
    mime-types (1.16)
    multi_json (1.0.3)
    mysql2 (0.3.7)
    net-scp (1.0.4)
      net-ssh (>= 1.99.1)
    net-sftp (2.0.5)
      net-ssh (>= 2.0.9)
    net-ssh (2.2.1)
    net-ssh-gateway (1.1.0)
      net-ssh (>= 1.99.1)
    nokogiri (1.5.0)
    polyglot (0.3.2)
    rack (1.3.5)
    rack-cache (1.0.3)
      rack (>= 0.4)
    rack-mount (0.8.3)
      rack (>= 1.0.0)
    rack-ssl (1.3.2)
      rack
    rack-test (0.6.1)
      rack (>= 1.0)
    rails (3.1.1.rc2)
      actionmailer (= 3.1.1.rc2)
      actionpack (= 3.1.1.rc2)
      activerecord (= 3.1.1.rc2)
      activeresource (= 3.1.1.rc2)
      activesupport (= 3.1.1.rc2)
      bundler (~> 1.0)
      railties (= 3.1.1.rc2)
    railties (3.1.1.rc2)
      actionpack (= 3.1.1.rc2)
      activesupport (= 3.1.1.rc2)
      rack-ssl (~> 1.3.2)
      rake (>= 0.8.7)
      rdoc (~> 3.4)
      thor (~> 0.14.6)
    rake (0.9.2)
    rdoc (3.11)
      json (~> 1.4)
    remixr (0.1.0)
      httparty (= 0.4.3)
      mash (= 0.0.3)
    rubyforge (2.0.4)
      json_pure (>= 1.1.7)
    sass (3.1.10)
    sass-rails (3.1.4)
      actionpack (~> 3.1.0)
      railties (~> 3.1.0)
      sass (>= 3.1.4)
      sprockets (~> 2.0.0)
      tilt (~> 1.3.2)
    sprockets (2.0.3)
      hike (~> 1.2)
      rack (~> 1.0)
      tilt (~> 1.1, != 1.3.0)
    therubyracer (0.9.8)
      libv8 (~> 3.3.10)
    thor (0.14.6)
    tilt (1.3.3)
    treetop (1.4.10)
      polyglot
      polyglot (>= 0.3.1)
    turn (0.8.3)
      ansi
    tzinfo (0.3.30)
    uglifier (1.0.4)
      execjs (>= 0.3.0)
      multi_json (>= 1.0.2)

PLATFORMS
  ruby

DEPENDENCIES
  amazon_product
  capistrano
  coffee-rails (~> 3.1.0)
  execjs
  haml-rails
  hoe (~> 1.5.1)
  jquery-rails
  json
  memcache-client
  mysql2
  nokogiri
  rack-cache
  rails (= 3.1.1.rc2)
  remixr
  sass-rails (~> 3.1.0)
  therubyracer
  turn
  uglifier
