GEM
  remote: http://rubygems.org/
  specs:
    addressable (2.2.6)
    amazon_product (3.0.0.pre.2)
      nokogiri (~> 1.4)
    crack (0.1.8)
    heroku (2.5.2)
      launchy (>= 0.3.2)
      rest-client (~> 1.6.1)
      term-ansicolor (~> 1.0.5)
    hoe (2.12.2)
      rake (~> 0.8)
    httparty (0.4.3)
      crack (>= 0.1.1)
    json (1.5.3)
    launchy (2.0.5)
      addressable (~> 2.2.6)
    mash (0.0.3)
      hoe (>= 1.5.1)
    mime-types (1.16)
    nokogiri (1.5.0)
    rack (1.3.2)
    rake (0.9.2)
    remixr (0.1.0)
      httparty (= 0.4.3)
      mash (= 0.0.3)
    rest-client (1.6.7)
      mime-types (>= 1.16)
    sinatra (1.2.6)
      rack (~> 1.1)
      tilt (< 2.0, >= 1.2.2)
    term-ansicolor (1.0.6)
    tilt (1.3.3)

PLATFORMS
  ruby

DEPENDENCIES
  amazon_product
  heroku
  json
  remixr
  sinatra
